GEM
  remote: https://rubygems.org/
  specs:
    addressable (2.5.0)
      public_suffix (~> 2.0, >= 2.0.2)
    faraday (0.10.1)
      multipart-post (>= 1.2, < 3)
    ffi (1.9.14)
    jekyll-gist (1.4.0)
      octokit (~> 4.2)
    jekyll-paginate (1.1.0)
    jekyll-watch (1.5.0)
      listen (~> 3.0, < 3.1)
    kramdown (1.13.1)
    listen (3.0.8)
      rb-fsevent (~> 0.9, >= 0.9.4)
      rb-inotify (~> 0.9, >= 0.9.7)
    multi_json (1.12.1)
    multipart-post (2.0.0)
    octokit (4.6.2)
      sawyer (~> 0.8.0, >= 0.5.3)
    public_suffix (2.0.4)
    pygments.rb (1.1.1)
      multi_json (>= 1.0.0)
    rb-fsevent (0.9.8)
    rb-inotify (0.9.7)
      ffi (>= 0.5.0)
    sawyer (0.8.1)
      addressable (>= 2.3.5, < 2.6)
      faraday (~> 0.8, < 1.0)

PLATFORMS
  ruby

DEPENDENCIES
  jekyll-gist
  jekyll-paginate
  jekyll-watch
  kramdown
  pygments.rb

BUNDLED WITH
   1.13.7
